GEM
  remote: http://rubygems.org/
  specs:
    abstract (1.0.0)
    actionmailer (3.0.7)
      actionpack (= 3.0.7)
      mail (~> 2.2.15)
    actionpack (3.0.7)
      activemodel (= 3.0.7)
      activesupport (= 3.0.7)
      builder (~> 2.1.2)
      erubis (~> 2.6.6)
      i18n (~> 0.5.0)
      rack (~> 1.3.1)
      rack-mount (~> 0.6.14)
      rack-test (~> 0.5.7)
      tzinfo (~> 0.3.23)
    activemodel (3.0.7)
      activesupport (= 3.0.7)
      builder (~> 2.1.2)
      i18n (~> 0.5.0)
    activerecord (3.0.7)
      activemodel (= 3.0.7)
      activesupport (= 3.0.7)
      arel (~> 2.0.2)
      tzinfo (~> 0.3.23)
    activeresource (3.0.7)
      activemodel (= 3.0.7)
      activesupport (= 3.0.7)
    activesupport (3.0.7)
    arel (2.0.10)
    authlogic (3.1.0)
      activerecord (>= 3.0.7)
      activerecord (>= 3.0.7)
    backports (2.3.0)
    bcrypt-ruby (3.0.1)
    bcrypt-ruby (3.0.1-x86-mingw32)
    builder (2.1.2)
    erubis (2.6.6)
      abstract (>= 1.0.0)
    exception_notification (2.5.2)
      actionmailer (>= 3.0.4)
    haml (3.1.4)
    haml-rails (0.3.4)
      actionpack (~> 3.0)
      activesupport (~> 3.0)
      haml (~> 3.0)
      railties (~> 3.0)
    hirb (0.6.0)
    hpricot (0.8.6)
    i18n (0.5.0)
    jquery-rails (1.0.19)
      railties (~> 3.0)
      thor (~> 0.14)
    json (1.6.5)
    lock (0.1.0)
      bcrypt-ruby
    mail (2.2.19)
      activesupport (>= 2.3.6)
      i18n (>= 0.4.0)
      mime-types (~> 1.16)
      treetop (~> 1.4.8)
    mime-types (1.17.2)
    paper_trail (2.5.2)
      rails (~> 3)
    polyglot (0.3.3)
    query-analyzer (0.1.1)
    rack (1.3.1)
    rack-mount (0.6.14)
      rack (>= 1.0.0)
    rack-test (0.5.7)
      rack (>= 1.0)
    rails (3.0.7)
      actionmailer (= 3.0.7)
      actionpack (= 3.0.7)
      activerecord (= 3.0.7)
      activeresource (= 3.0.7)
      activesupport (= 3.0.7)
      bundler (~> 1.0)
      railties (= 3.0.7)
    rails3-jquery-autocomplete (1.0.5)
      rails (~> 3.0)
    railties (3.0.7)
      actionpack (= 3.0.7)
      activesupport (= 3.0.7)
      rake (>= 0.8.7)
      thor (~> 0.14.4)
    rake (0.9.2.2)
    recaptcha (0.3.4)
    sqlite3-ruby (1.3.2)
    sqlite3-ruby (1.3.2-x86-mingw32)
    thor (0.14.6)
    treetop (1.4.10)
      polyglot
      polyglot (>= 0.3.1)
    tzinfo (0.3.31)
    will_paginate (3.0.pre2)

PLATFORMS
  ruby
  x86-mingw32

DEPENDENCIES
  authlogic
  backports
  exception_notification
  haml-rails
  hirb
  hpricot
  jquery-rails (>= 1.0.12)
  json
  lock
  paper_trail (~> 2.5.0)
  query-analyzer (~> 0.1.1)
  rails (= 3.0.7)
  rails3-jquery-autocomplete
  recaptcha
  sqlite3-ruby (= 1.3.2)
  will_paginate (= 3.0.pre2)
