GEM
  remote: http://rubygems.org/
  specs:
    actionpack (2.3.11)
      activesupport (= 2.3.11)
      rack (~> 1.1.0)
    activerecord (2.3.11)
      activesupport (= 2.3.11)
    activesupport (2.3.11)
    diff-lcs (1.1.2)
    git (1.2.5)
    jeweler (1.5.2)
      bundler (~> 1.0.0)
      git (>= 1.2.5)
      rake
    rack (1.1.1)
    rake (0.8.7)
    rspec (2.5.0)
      rspec-core (~> 2.5.0)
      rspec-expectations (~> 2.5.0)
      rspec-mocks (~> 2.5.0)
    rspec-core (2.5.1)
    rspec-expectations (2.5.0)
      diff-lcs (~> 1.1.2)
    rspec-mocks (2.5.0)
    sqlite3 (1.3.3)

PLATFORMS
  ruby

DEPENDENCIES
  actionpack (~> 2)
  activerecord (~> 2)
  jeweler
  rake
  rspec (~> 2)
  sqlite3
